GEM
  remote: https://rubygems.org/
  specs:
    rack (1.5.2)
    unicode (0.4.4.2)

PLATFORMS
  ruby

DEPENDENCIES
  rack
  unicode
